GEM
  remote: http://rubygems.org/
  specs:
    RedCloth (4.2.9)
    haml (4.0.7)
      tilt
    haml-contrib (1.0.0.1)
      haml (>= 3.2.0.alpha.13)
    rack (1.6.11)
    rack-protection (1.5.5)
      rack
    shotgun (0.9)
      rack (>= 1.0)
    sinatra (1.4.6)
      rack (~> 1.4)
      rack-protection (~> 1.4)
      tilt (>= 1.3, < 3)
    tilt (1.4.1)

PLATFORMS
  ruby

DEPENDENCIES
  RedCloth (~> 4.2.9)
  haml (~> 4.0.7)
  haml-contrib (~> 1.0.0.1)
  shotgun
  sinatra (~> 1.4.6)
  tilt (= 1.4.1)

RUBY VERSION
   ruby 2.6.5p114

BUNDLED WITH
   1.17.2
